GEM
  remote: https://rubygems.org/
  specs:
    daemons (1.2.4)
    domain_name (0.5.24)
      unf (>= 0.0.5, < 1.0.0)
    eventmachine (1.2.0.1)
    eventmachine (1.2.0.1-x64-mingw32)
    figaro (1.1.1)
      thor (~> 0.14)
    http-cookie (1.0.2)
      domain_name (~> 0.5)
    mail (2.6.3)
      mime-types (>= 1.16, < 3)
    mechanize (2.7.3)
      domain_name (~> 0.5, >= 0.5.1)
      http-cookie (~> 1.0)
      mime-types (~> 2.0)
      net-http-digest_auth (~> 1.1, >= 1.1.1)
      net-http-persistent (~> 2.5, >= 2.5.2)
      nokogiri (~> 1.4)
      ntlm-http (~> 0.1, >= 0.1.1)
      webrobots (>= 0.0.9, < 0.2)
    mime-types (2.6.2)
    mini_portile (0.6.1)
    net-http-digest_auth (1.4)
    net-http-persistent (2.9.4)
    nokogiri (1.6.6.2)
      mini_portile (~> 0.6.0)
    nokogiri (1.6.6.2-x64-mingw32)
      mini_portile (~> 0.6.0)
    ntlm-http (0.1.1)
    pg (0.18.3)
    pg (0.18.3-x64-mingw32)
    pony (1.11)
      mail (>= 2.0)
    rack (1.6.4)
    rack-protection (1.5.3)
      rack
    sinatra (1.4.6)
      rack (~> 1.4)
      rack-protection (~> 1.4)
      tilt (>= 1.3, < 3)
    thin (1.7.0)
      daemons (~> 1.0, >= 1.0.9)
      eventmachine (~> 1.0, >= 1.0.4)
      rack (>= 1, < 3)
    thor (0.19.1)
    tilt (2.0.1)
    unf (0.1.4)
      unf_ext
    unf_ext (0.0.7.1)
    unf_ext (0.0.7.1-x64-mingw32)
    webrobots (0.1.1)

PLATFORMS
  ruby
  x64-mingw32

DEPENDENCIES
  figaro
  mechanize
  pg
  pony
  sinatra
  thin

RUBY VERSION
   ruby 2.4.0p0

BUNDLED WITH
   1.16.1
